GEM
  remote: https://rubygems.org/
  specs:
    aws-sdk (2.10.14)
      aws-sdk-resources (= 2.10.14)
    aws-sdk-core (2.10.14)
      aws-sigv4 (~> 1.0)
      jmespath (~> 1.0)
    aws-sdk-resources (2.10.14)
      aws-sdk-core (= 2.10.14)
    aws-sigv4 (1.0.1)
    hako (1.6.2)
      aws-sdk (>= 2.6.43)
    jmespath (1.3.1)

PLATFORMS
  ruby

DEPENDENCIES
  hako

BUNDLED WITH
   1.15.2
